GEM
  remote: https://rubygems.org/
  specs:
    diff-lcs (1.2.1)
    multi_json (1.7.2)
    rack (1.5.2)
    rack-protection (1.5.0)
      rack
    rack-test (0.6.2)
      rack (>= 1.0)
    rmagick (2.13.2)
    rspec (2.13.0)
      rspec-core (~> 2.13.0)
      rspec-expectations (~> 2.13.0)
      rspec-mocks (~> 2.13.0)
    rspec-core (2.13.1)
    rspec-expectations (2.13.0)
      diff-lcs (>= 1.1.3, < 2.0)
    rspec-mocks (2.13.0)
    shotgun (0.9)
      rack (>= 1.0)
    sinatra (1.4.2)
      rack (~> 1.5, >= 1.5.2)
      rack-protection (~> 1.4)
      tilt (~> 1.3, >= 1.3.4)
    tilt (1.3.6)
    video_info (1.1.1)
      multi_json

PLATFORMS
  ruby

DEPENDENCIES
  rack-test
  rmagick (~> 2.13)
  rspec (~> 2.13)
  shotgun
  sinatra (~> 1.4)
  video_info (~> 1.1)
